GIT
  remote: git@github.com:dr-impossible/xbmc-client.git
  revision: 839943b94a90cf537af4620413cf1442479a56f9
  specs:
    xbmc-client (0.1.2)
      activesupport (>= 3.0.0)
      httparty (>= 0.6.0)
      i18n
      json (>= 1.4.5)

GEM
  remote: https://rubygems.org/
  specs:
    activesupport (4.1.6)
      i18n (~> 0.6, >= 0.6.9)
      json (~> 1.7, >= 1.7.7)
      minitest (~> 5.1)
      thread_safe (~> 0.1)
      tzinfo (~> 1.1)
    httparty (0.13.1)
      json (~> 1.8)
      multi_xml (>= 0.5.2)
    i18n (0.6.11)
    json (1.8.1-java)
    minitest (5.4.2)
    multi_xml (0.5.5)
    thread_safe (0.3.4-java)
    tzinfo (1.2.2)
      thread_safe (~> 0.1)

PLATFORMS
  java

DEPENDENCIES
  xbmc-client!
